GEM
  remote: https://rubygems.org/
  specs:
    diff-lcs (1.3)
    rake (12.3.1)
    remedy (0.1.2)
    rspec (3.8.0)
      rspec-core (~> 3.8.0)
      rspec-expectations (~> 3.8.0)
      rspec-mocks (~> 3.8.0)
    rspec-core (3.8.0)
      rspec-support (~> 3.8.0)
    rspec-expectations (3.8.1)
      diff-lcs (>= 1.2.0, < 2.0)
      rspec-support (~> 3.8.0)
    rspec-mocks (3.8.0)
      diff-lcs (>= 1.2.0, < 2.0)
      rspec-support (~> 3.8.0)
    rspec-support (3.8.0)

PLATFORMS
  java
  ruby

DEPENDENCIES
  rake (~> 12.3.1)
  remedy
  rspec

BUNDLED WITH
   1.14.6
