GEM
  remote: http://rubygems.org/
  specs:
    concurrent-ruby (1.0.5)
    concurrent-ruby (1.0.5-java)
    diff-lcs (1.3)
    hike (1.2.3)
    opal (0.10.3)
      hike (~> 1.2)
      sourcemap (~> 0.1.0)
      sprockets (~> 3.1)
      tilt (>= 1.4)
    rack (2.0.1)
    rake (12.0.0)
    remedy (0.1.2)
    rspec (3.5.0)
      rspec-core (~> 3.5.0)
      rspec-expectations (~> 3.5.0)
      rspec-mocks (~> 3.5.0)
    rspec-core (3.5.4)
      rspec-support (~> 3.5.0)
    rspec-expectations (3.5.0)
      diff-lcs (>= 1.2.0, < 2.0)
      rspec-support (~> 3.5.0)
    rspec-mocks (3.5.0)
      diff-lcs (>= 1.2.0, < 2.0)
      rspec-support (~> 3.5.0)
    rspec-support (3.5.0)
    sourcemap (0.1.1)
    sprockets (3.7.1)
      concurrent-ruby (~> 1.0)
      rack (> 1, < 3)
    tilt (2.0.6)

PLATFORMS
  java
  ruby

DEPENDENCIES
  opal
  rake
  remedy
  rspec

BUNDLED WITH
   1.14.5
